PATH
  remote: .
  specs:
    truncate_html (0.9.3)

GEM
  remote: http://rubygems.org/
  specs:
    actioncable (6.0.4.8)
      actionpack (= 6.0.4.8)
      nio4r (~> 2.0)
      websocket-driver (>= 0.6.1)
    actionmailbox (6.0.4.8)
      actionpack (= 6.0.4.8)
      activejob (= 6.0.4.8)
      activerecord (= 6.0.4.8)
      activestorage (= 6.0.4.8)
      activesupport (= 6.0.4.8)
      mail (>= 2.7.1)
    actionmailer (6.0.4.8)
      actionpack (= 6.0.4.8)
      actionview (= 6.0.4.8)
      activejob (= 6.0.4.8)
      mail (~> 2.5, >= 2.5.4)
      rails-dom-testing (~> 2.0)
    actionpack (6.0.4.8)
      actionview (= 6.0.4.8)
      activesupport (= 6.0.4.8)
      rack (~> 2.0, >= 2.0.8)
      rack-test (>= 0.6.3)
      rails-dom-testing (~> 2.0)
      rails-html-sanitizer (~> 1.0, >= 1.2.0)
    actiontext (6.0.4.8)
      actionpack (= 6.0.4.8)
      activerecord (= 6.0.4.8)
      activestorage (= 6.0.4.8)
      activesupport (= 6.0.4.8)
      nokogiri (>= 1.8.5)
    actionview (6.0.4.8)
      activesupport (= 6.0.4.8)
      builder (~> 3.1)
      erubi (~> 1.4)
      rails-dom-testing (~> 2.0)
      rails-html-sanitizer (~> 1.1, >= 1.2.0)
    activejob (6.0.4.8)
      activesupport (= 6.0.4.8)
      globalid (>= 0.3.6)
    activemodel (6.0.4.8)
      activesupport (= 6.0.4.8)
    activerecord (6.0.4.8)
      activemodel (= 6.0.4.8)
      activesupport (= 6.0.4.8)
    activestorage (6.0.4.8)
      actionpack (= 6.0.4.8)
      activejob (= 6.0.4.8)
      activerecord (= 6.0.4.8)
      marcel (~> 1.0.0)
    activesupport (6.0.4.8)
      concurrent-ruby (~> 1.0, >= 1.0.2)
      i18n (>= 0.7, < 2)
      minitest (~> 5.1)
      tzinfo (~> 1.1)
      zeitwerk (~> 2.2, >= 2.2.2)
    builder (3.2.4)
    concurrent-ruby (1.1.10)
    crass (1.0.6)
    diff-lcs (1.5.0)
    erubi (1.10.0)
    globalid (1.0.0)
      activesupport (>= 5.0)
    i18n (1.10.0)
      concurrent-ruby (~> 1.0)
    loofah (2.16.0)
      crass (~> 1.0.2)
      nokogiri (>= 1.5.9)
    mail (2.7.1)
      mini_mime (>= 0.1.1)
    marcel (1.0.2)
    method_source (1.0.0)
    mini_mime (1.1.2)
    minitest (5.15.0)
    nio4r (2.5.8)
    nokogiri (1.13.4-arm64-darwin)
      racc (~> 1.4)
    racc (1.6.0)
    rack (2.2.3)
    rack-test (1.1.0)
      rack (>= 1.0, < 3)
    rails (6.0.4.8)
      actioncable (= 6.0.4.8)
      actionmailbox (= 6.0.4.8)
      actionmailer (= 6.0.4.8)
      actionpack (= 6.0.4.8)
      actiontext (= 6.0.4.8)
      actionview (= 6.0.4.8)
      activejob (= 6.0.4.8)
      activemodel (= 6.0.4.8)
      activerecord (= 6.0.4.8)
      activestorage (= 6.0.4.8)
      activesupport (= 6.0.4.8)
      bundler (>= 1.3.0)
      railties (= 6.0.4.8)
      sprockets-rails (>= 2.0.0)
    rails-dom-testing (2.0.3)
      activesupport (>= 4.2.0)
      nokogiri (>= 1.6)
    rails-html-sanitizer (1.4.2)
      loofah (~> 2.3)
    railties (6.0.4.8)
      actionpack (= 6.0.4.8)
      activesupport (= 6.0.4.8)
      method_source
      rake (>= 0.8.7)
      thor (>= 0.20.3, < 2.0)
    rake (13.0.6)
    rspec-core (3.11.0)
      rspec-support (~> 3.11.0)
    rspec-expectations (3.11.0)
      diff-lcs (>= 1.2.0, < 2.0)
      rspec-support (~> 3.11.0)
    rspec-mocks (3.11.1)
      diff-lcs (>= 1.2.0, < 2.0)
      rspec-support (~> 3.11.0)
    rspec-rails (4.0.2)
      actionpack (>= 4.2)
      activesupport (>= 4.2)
      railties (>= 4.2)
      rspec-core (~> 3.10)
      rspec-expectations (~> 3.10)
      rspec-mocks (~> 3.10)
      rspec-support (~> 3.10)
    rspec-support (3.11.0)
    sprockets (4.0.3)
      concurrent-ruby (~> 1.0)
      rack (> 1, < 3)
    sprockets-rails (3.4.2)
      actionpack (>= 5.2)
      activesupport (>= 5.2)
      sprockets (>= 3.0.0)
    thor (1.2.1)
    thread_safe (0.3.6)
    tzinfo (1.2.9)
      thread_safe (~> 0.1)
    websocket-driver (0.7.5)
      websocket-extensions (>= 0.1.0)
    websocket-extensions (0.1.5)
    zeitwerk (2.5.4)

PLATFORMS
  arm64-darwin-21

DEPENDENCIES
  rails (>= 6.0.4.8)
  rspec-rails (>= 4.0.2)
  truncate_html!

BUNDLED WITH
   2.3.10
